GEM
  remote: https://rubygems.org/
  specs:
    minitest (5.10.2)
    minitest-hooks (1.4.0)
    pg (0.21.0)
    rack (2.0.3)
    rack-unreloader (1.6.0)
    rack_csrf (2.6.0)
      rack (>= 1.1.0)
    sequel (4.48.0)
    sequel_pg (1.7.0)
      pg (>= 0.8.0)
      sequel (>= 4.0.0)

PLATFORMS
  ruby

DEPENDENCIES
  minitest (>= 5.7.0)
  minitest-hooks (>= 1.1.0)
  rack-unreloader
  rack_csrf
  sequel
  sequel_pg

BUNDLED WITH
   1.15.1
